PATH
  remote: .
  specs:
    guardia2020 (0.1.0)

GEM
  remote: https://rubygems.org/
  specs:
    rake (12.3.0)

PLATFORMS
  ruby

DEPENDENCIES
  guardia2020!
  rake (~> 12.0)

BUNDLED WITH
   2.1.4
